GEM
  remote: https://rubygems.org/
  specs:
    uri_template (0.7.0)

PLATFORMS
  ruby

DEPENDENCIES
  uri_template
